GIT
  remote: https://github.com/adaoraul/rack-jekyll.git
  revision: 9ab9614be6a284dfd8e8c8e0c79011221c2ac8d9
  specs:
    rack-jekyll (0.4.0)
      jekyll (~> 0.11.0)
      rack (~> 1.4.1)

GEM
  remote: http://rubygems.org/
  specs:
    addressable (2.3.2)
    albino (1.3.3)
      posix-spawn (>= 0.3.6)
    classifier (1.3.3)
      fast-stemmer (>= 1.0.0)
    directory_watcher (1.4.1)
    excon (0.15.4)
    fast-stemmer (1.0.2)
    heroku (2.29.0)
      heroku-api (~> 0.2.13)
      launchy (>= 0.3.2)
      netrc (~> 0.7.5)
      rest-client (~> 1.6.1)
      rubyzip
    heroku-api (0.2.13)
      excon (~> 0.15.4)
    jekyll (0.11.0)
      albino (>= 1.3.2)
      classifier (>= 1.3.1)
      directory_watcher (>= 1.1.1)
      kramdown (>= 0.13.2)
      liquid (>= 1.9.0)
      maruku (>= 0.5.9)
    kgio (2.8.0)
    kramdown (0.14.2)
    launchy (2.1.2)
      addressable (~> 2.3)
    liquid (2.4.1)
    maruku (0.6.1)
      syntax (>= 1.0.0)
    mime-types (1.19)
    netrc (0.7.5)
    posix-spawn (0.3.6)
    rack (1.4.4)
    raindrops (0.10.0)
    rest-client (1.6.7)
      mime-types (>= 1.16)
    rubyzip (0.9.9)
    syntax (1.0.0)
    unicorn (4.5.0)
      kgio (~> 2.6)
      rack
      raindrops (~> 0.7)

PLATFORMS
  ruby

DEPENDENCIES
  heroku
  rack-jekyll!
  unicorn
